GEM
  remote: https://rubygems.org/
  specs:
    activesupport (8.0.2)
      base64
      benchmark (>= 0.3)
      bigdecimal
      concurrent-ruby (~> 1.0, >= 1.3.1)
      connection_pool (>= 2.2.5)
      drb
      i18n (>= 1.6, < 2)
      logger (>= 1.4.2)
      minitest (>= 5.1)
      securerandom (>= 0.3)
      tzinfo (~> 2.0, >= 2.0.5)
      uri (>= 0.13.1)
    addressable (2.8.7)
      public_suffix (>= 2.0.2, < 7.0)
    ast (2.4.3)
    base64 (0.3.0)
    benchmark (0.4.1)
    bigdecimal (3.2.2)
    coderay (1.1.3)
    concurrent-ruby (1.3.5)
    connection_pool (2.5.3)
    drb (2.2.3)
    faraday (2.13.1)
      faraday-net_http (>= 2.0, < 3.5)
      json
      logger
    faraday-net_http (3.4.0)
      net-http (>= 0.5.0)
    faraday-retry (2.3.1)
      faraday (~> 2.0)
    ffi (1.17.2)
    ffi (1.17.2-arm64-darwin)
    formatador (1.1.0)
    git (3.1.0)
      activesupport (>= 5.0)
      addressable (~> 2.8)
      process_executer (~> 1.3)
      rchardet (~> 1.9)
    guard (2.19.1)
      formatador (>= 0.2.4)
      listen (>= 2.7, < 4.0)
      logger (~> 1.6)
      lumberjack (>= 1.0.12, < 2.0)
      nenv (~> 0.1)
      notiffany (~> 0.0)
      ostruct (~> 0.6)
      pry (>= 0.13.0)
      shellany (~> 0.0)
      thor (>= 0.18.1)
    guard-compat (1.2.1)
    guard-minitest (2.4.6)
      guard-compat (~> 1.2)
      minitest (>= 3.0)
    i18n (1.14.7)
      concurrent-ruby (~> 1.0)
    io-console (0.8.0)
    json (2.12.2)
    language_server-protocol (3.17.0.5)
    lint_roller (1.1.0)
    listen (3.9.0)
      rb-fsevent (~> 0.10, >= 0.10.3)
      rb-inotify (~> 0.9, >= 0.9.10)
    logger (1.7.0)
    lumberjack (1.2.10)
    method_source (1.1.0)
    minitest (5.25.5)
    minitest-rg (5.3.0)
      minitest (~> 5.0)
    mocha (2.7.1)
      ruby2_keywords (>= 0.0.5)
    nenv (0.3.0)
    net-http (0.6.0)
      uri
    notiffany (0.1.3)
      nenv (~> 0.1)
      shellany (~> 0.0)
    octokit (10.0.0)
      faraday (>= 1, < 3)
      sawyer (~> 0.9)
    ostruct (0.6.1)
    parallel (1.27.0)
    parser (3.3.8.0)
      ast (~> 2.4.1)
      racc
    prism (1.4.0)
    process_executer (1.3.0)
    pry (0.15.2)
      coderay (~> 1.1)
      method_source (~> 1.0)
    public_suffix (6.0.2)
    racc (1.8.1)
    rainbow (3.1.1)
    rake (13.3.0)
    rb-fsevent (0.11.2)
    rb-inotify (0.11.1)
      ffi (~> 1.0)
    rchardet (1.9.0)
    regexp_parser (2.10.0)
    reline (0.6.1)
      io-console (~> 0.5)
    rubocop (1.76.1)
      json (~> 2.3)
      language_server-protocol (~> 3.17.0.2)
      lint_roller (~> 1.1.0)
      parallel (~> 1.10)
      parser (>= 3.3.0.2)
      rainbow (>= 2.2.2, < 4.0)
      regexp_parser (>= 2.9.3, < 3.0)
      rubocop-ast (>= 1.45.0, < 2.0)
      ruby-progressbar (~> 1.7)
      unicode-display_width (>= 2.4.0, < 4.0)
    rubocop-ast (1.45.1)
      parser (>= 3.3.7.2)
      prism (~> 1.4)
    ruby-progressbar (1.13.0)
    ruby2_keywords (0.0.5)
    sawyer (0.9.2)
      addressable (>= 2.3.5)
      faraday (>= 0.17.3, < 3)
    securerandom (0.4.1)
    shellany (0.0.1)
    thor (1.3.2)
    tzinfo (2.0.6)
      concurrent-ruby (~> 1.0)
    unicode-display_width (3.1.4)
      unicode-emoji (~> 4.0, >= 4.0.4)
    unicode-emoji (4.0.4)
    uri (1.0.3)

PLATFORMS
  arm64-darwin-24
  ruby

DEPENDENCIES
  faraday-retry
  git
  guard
  guard-minitest
  minitest
  minitest-rg
  mocha
  octokit
  rake
  reline
  rubocop

RUBY VERSION
   ruby 3.4.3p32

BUNDLED WITH
   2.6.8
